PATH
  remote: .
  specs:
    ckan (0.0.3)

GEM
  remote: http://rubygems.org/
  specs:
    diff-lcs (1.1.3)
    ffi (1.0.11)
    growl (1.0.3)
    guard (1.0.1)
      ffi (>= 0.5.0)
      thor (~> 0.14.6)
    guard-rspec (0.6.0)
      guard (>= 0.10.0)
    rspec (2.9.0)
      rspec-core (~> 2.9.0)
      rspec-expectations (~> 2.9.0)
      rspec-mocks (~> 2.9.0)
    rspec-core (2.9.0)
    rspec-expectations (2.9.0)
      diff-lcs (~> 1.1.3)
    rspec-mocks (2.9.0)
    thor (0.14.6)
    vcr (2.0.0)

PLATFORMS
  ruby

DEPENDENCIES
  bundler (>= 1.0.0)
  ckan!
  growl
  guard-rspec
  rspec (~> 2.9.0)
  vcr (~> 2.0.0)
